GEM
  remote: https://rubygems.org/
  specs:
    pg (1.5.3-x64-mingw-ucrt)

PLATFORMS
  x64-mingw-ucrt

DEPENDENCIES
  pg (~> 1.5)

BUNDLED WITH
   2.4.15
